PATH
  remote: .
  specs:
    watir-screenshot-stitch (0.6.5)
      binding_of_caller (~> 0.7)
      mini_magick (~> 4.0)
      os (~> 1.0)
      watir (~> 6.12)

GEM
  remote: https://rubygems.org/
  specs:
    binding_of_caller (0.8.0)
      debug_inspector (>= 0.0.1)
    childprocess (0.9.0)
      ffi (~> 1.0, >= 1.0.11)
    debug_inspector (0.0.3)
    diff-lcs (1.3)
    ffi (1.9.25)
    mini_magick (4.8.0)
    os (1.0.0)
    rake (10.5.0)
    rspec (3.7.0)
      rspec-core (~> 3.7.0)
      rspec-expectations (~> 3.7.0)
      rspec-mocks (~> 3.7.0)
    rspec-core (3.7.1)
      rspec-support (~> 3.7.0)
    rspec-expectations (3.7.0)
      diff-lcs (>= 1.2.0, < 2.0)
      rspec-support (~> 3.7.0)
    rspec-mocks (3.7.0)
      diff-lcs (>= 1.2.0, < 2.0)
      rspec-support (~> 3.7.0)
    rspec-support (3.7.0)
    rubyzip (1.2.1)
    selenium-webdriver (3.14.0)
      childprocess (~> 0.5)
      rubyzip (~> 1.2)
    watir (6.12.0)
      selenium-webdriver (~> 3.4, >= 3.4.1)

PLATFORMS
  ruby

DEPENDENCIES
  bundler (~> 1.16)
  rake (~> 10.0)
  rspec (~> 3.0)
  watir-screenshot-stitch!

BUNDLED WITH
   1.16.2
